FRAMEWORK: NET40, NET45
NUGET
  remote: https://nuget.org/api/v2
  specs:
    Autofac (3.5.2)
    Castle.Core (3.3.3)
    Castle.Windsor (3.3.0)
      Castle.Core (>= 3.3.0)
    FAKE (4.9.3)
    Machine.Specifications (0.9.3)
    Machine.Specifications.Runner.Console (0.9.2)
    Machine.Specifications.Should (0.8.0)
      Machine.Specifications (>= 0.9 < 1.0)
    Microsoft.Bcl (1.1.10) - framework: net40
      Microsoft.Bcl.Build (>= 1.0.14)
    Microsoft.Bcl.Async (1.0.168) - framework: net40
      Microsoft.Bcl (>= 1.1.8)
    Microsoft.Bcl.Build (1.0.21) - import_targets: false, framework: net40
    Moq (4.2.1510.2205)
    Newtonsoft.Json (7.0.1)
    Ninject (3.2.2)
    NUnit (2.6.4)
    StackExchange.Redis (1.0.488)
      Microsoft.Bcl (>= 1.1.9) - framework: net40
      Microsoft.Bcl.Async (>= 1.0.168) - framework: net40
    structuremap (3.1.6.186)
