FRAMEWORK: >= NET45
NUGET
  remote: https://nuget.org/api/v2
  specs:
    Autofac (3.5.2)
    Castle.Core (3.3.0)
    Castle.Windsor (3.3.0)
      Castle.Core (>= 3.3.0)
    Moq (4.2.1507.0118)
    Newtonsoft.Json (7.0.1)
    Ninject (3.2.2.0)
    NUnit (2.6.4)
    NUnitTestAdapter (2.0.0)
    StackExchange.Redis (1.0.481)
    structuremap (3.1.6.186)
