FRAMEWORK: NET40, NET45
NUGET
  remote: https://nuget.org/api/v2
  specs:
    Autofac (3.5.2)
    Castle.Core (3.3.0)
    Castle.Windsor (3.3.0)
      Castle.Core (>= 3.3.0)
    Machine.Specifications (0.9.3)
    Machine.Specifications.Runner.TDNet (0.9.0)
    Machine.Specifications.Should (0.8.0)
      Machine.Specifications (>= 0.9 < 1.0)
    Moq (4.2.1510.2205)
    Newtonsoft.Json (7.0.1)
    Ninject (3.2.2.0)
    NUnit (2.6.4)
    StackExchange.Redis (1.0.481)
    structuremap (3.1.6.186)
